GEM
  remote: https://rubygems.org/
  specs:
    amq-protocol (2.3.1)
    ast (2.4.0)
    bunny (2.15.0)
      amq-protocol (~> 2.3, >= 2.3.1)
    coderay (1.1.2)
    jaro_winkler (1.5.4)
    method_source (1.0.0)
    parallel (1.19.1)
    parser (2.7.1.2)
      ast (~> 2.4.0)
    pry (0.13.1)
      coderay (~> 1.1)
      method_source (~> 1.0)
    rainbow (3.0.0)
    rexml (3.2.4)
    rubocop (0.82.0)
      jaro_winkler (~> 1.5.1)
      parallel (~> 1.10)
      parser (>= 2.7.0.1)
      rainbow (>= 2.2.2, < 4.0)
      rexml
      ruby-progressbar (~> 1.7)
      unicode-display_width (>= 1.4.0, < 2.0)
    ruby-progressbar (1.10.1)
    unicode-display_width (1.7.0)

PLATFORMS
  ruby

DEPENDENCIES
  bunny
  pry
  rubocop

BUNDLED WITH
   2.0.2
